GEM
  remote: http://be1-dev-cicou01:9292/
  specs:
    actioncable (5.0.6)
      actionpack (= 5.0.6)
      nio4r (>= 1.2, < 3.0)
      websocket-driver (~> 0.6.1)
    actionmailer (5.0.6)
      actionpack (= 5.0.6)
      actionview (= 5.0.6)
      activejob (= 5.0.6)
      mail (~> 2.5, >= 2.5.4)
      rails-dom-testing (~> 2.0)
    actionpack (5.0.6)
      actionview (= 5.0.6)
      activesupport (= 5.0.6)
      rack (~> 2.0)
      rack-test (~> 0.6.3)
      rails-dom-testing (~> 2.0)
      rails-html-sanitizer (~> 1.0, >= 1.0.2)
    actionview (5.0.6)
      activesupport (= 5.0.6)
      builder (~> 3.1)
      erubis (~> 2.7.0)
      rails-dom-testing (~> 2.0)
      rails-html-sanitizer (~> 1.0, >= 1.0.3)
    activejob (5.0.6)
      activesupport (= 5.0.6)
      globalid (>= 0.3.6)
    activemodel (5.0.6)
      activesupport (= 5.0.6)
    activerecord (5.0.6)
      activemodel (= 5.0.6)
      activesupport (= 5.0.6)
      arel (~> 7.0)
    activesupport (5.0.6)
      concurrent-ruby (~> 1.0, >= 1.0.2)
      i18n (~> 0.7)
      minitest (~> 5.1)
      tzinfo (~> 1.1)
    addressable (2.5.2)
      public_suffix (>= 2.0.2, < 4.0)
    arel (7.1.4)
    bcrypt (3.1.11-java)
    bcrypt-ruby (3.1.5-java)
      bcrypt (>= 3.1.3)
    builder (3.2.3)
    concurrent-ruby (1.0.5-java)
    crass (1.0.3)
    data_mapper (1.2.0)
      dm-aggregates (~> 1.2.0)
      dm-constraints (~> 1.2.0)
      dm-core (~> 1.2.0)
      dm-migrations (~> 1.2.0)
      dm-serializer (~> 1.2.0)
      dm-timestamps (~> 1.2.0)
      dm-transactions (~> 1.2.0)
      dm-types (~> 1.2.0)
      dm-validations (~> 1.2.0)
    data_objects (0.10.17)
      addressable (~> 2.1)
    diff-lcs (1.3)
    dm-aggregates (1.2.0)
      dm-core (~> 1.2.0)
    dm-constraints (1.2.0)
      dm-core (~> 1.2.0)
    dm-core (1.2.1)
      addressable (~> 2.3)
    dm-do-adapter (1.2.0)
      data_objects (~> 0.10.6)
      dm-core (~> 1.2.0)
    dm-migrations (1.2.0)
      dm-core (~> 1.2.0)
    dm-openedge-adapter (1.2.0)
      dm-do-adapter (~> 1.2.0)
      do_openedge (~> 0.10.9)
    dm-oracle-adapter (1.2.0)
      dm-do-adapter (~> 1.2.0)
      do_oracle (~> 0.10.6)
    dm-serializer (1.2.2)
      dm-core (~> 1.2.0)
      fastercsv (~> 1.5)
      json (~> 1.6)
      json_pure (~> 1.6)
      multi_json (~> 1.0)
    dm-timestamps (1.2.0)
      dm-core (~> 1.2.0)
    dm-transactions (1.2.0)
      dm-core (~> 1.2.0)
    dm-types (1.2.2)
      bcrypt-ruby (~> 3.0)
      dm-core (~> 1.2.0)
      fastercsv (~> 1.5)
      json (~> 1.6)
      multi_json (~> 1.0)
      stringex (~> 1.4)
      uuidtools (~> 2.1)
    dm-validations (1.2.0)
      dm-core (~> 1.2.0)
    do_jdbc (0.10.17-java)
      data_objects (= 0.10.17)
    do_openedge (0.10.17-java)
      data_objects (= 0.10.17)
      do_jdbc (= 0.10.17)
      jdbc-openedge
    do_oracle (0.10.17-java)
      data_objects (= 0.10.17)
      do_jdbc (= 0.10.17)
    erubis (2.7.0)
    factory_girl (4.2.0)
      activesupport (>= 3.0.0)
    faker (1.8.7)
      i18n (>= 0.7)
    fastercsv (1.5.5)
    globalid (0.4.1)
      activesupport (>= 4.2.0)
    hooks (0.4.1)
      uber (~> 0.0.14)
    i18n (0.9.5)
      concurrent-ruby (~> 1.0)
    jdbc-openedge (11.1-java)
      jdbc-openedge-internal (~> 11.1.0.0)
    jdbc-openedge-internal (11.1.0.0-java)
    json (1.8.6-java)
    json_pure (1.8.6)
    jsonapi-serializers (1.0.0)
      activesupport
    lock_jar (0.8.0)
      naether (~> 0.10.1)
      thor (~> 0.18.1)
    loofah (2.2.0)
      crass (~> 1.0.2)
      nokogiri (>= 1.5.9)
    mail (2.7.0)
      mini_mime (>= 0.1.1)
    method_source (0.9.0)
    mini_mime (1.0.0)
    minitest (5.11.3)
    multi_json (1.13.1)
    naether (0.10.1-java)
    nio4r (2.2.0-java)
    nokogiri (1.8.2-java)
    public_suffix (3.0.2)
    puma (3.11.2-java)
    rack (2.0.4)
    rack-test (0.6.3)
      rack (>= 1.0)
    rails (5.0.6)
      actioncable (= 5.0.6)
      actionmailer (= 5.0.6)
      actionpack (= 5.0.6)
      actionview (= 5.0.6)
      activejob (= 5.0.6)
      activemodel (= 5.0.6)
      activerecord (= 5.0.6)
      activesupport (= 5.0.6)
      bundler (>= 1.3.0)
      railties (= 5.0.6)
      sprockets-rails (>= 2.0.0)
    rails-dom-testing (2.0.3)
      activesupport (>= 4.2.0)
      nokogiri (>= 1.6)
    rails-html-sanitizer (1.0.3)
      loofah (~> 2.0)
    railties (5.0.6)
      actionpack (= 5.0.6)
      activesupport (= 5.0.6)
      method_source
      rake (>= 0.8.7)
      thor (>= 0.18.1, < 2.0)
    rake (12.3.0)
    rspec (3.5.0)
      rspec-core (~> 3.5.0)
      rspec-expectations (~> 3.5.0)
      rspec-mocks (~> 3.5.0)
    rspec-collection_matchers (1.1.3)
      rspec-expectations (>= 2.99.0.beta1)
    rspec-core (3.5.4)
      rspec-support (~> 3.5.0)
    rspec-expectations (3.5.0)
      diff-lcs (>= 1.2.0, < 2.0)
      rspec-support (~> 3.5.0)
    rspec-mocks (3.5.0)
      diff-lcs (>= 1.2.0, < 2.0)
      rspec-support (~> 3.5.0)
    rspec-rails (3.5.2)
      actionpack (>= 3.0)
      activesupport (>= 3.0)
      railties (>= 3.0)
      rspec-core (~> 3.5.0)
      rspec-expectations (~> 3.5.0)
      rspec-mocks (~> 3.5.0)
      rspec-support (~> 3.5.0)
    rspec-support (3.5.0)
    silvio_core (1.2.0)
      hooks (~> 0.4.0)
      lock_jar (~> 0.8.0)
      rspec (~> 3.5.0)
      rspec-collection_matchers (~> 1.1.2)
      timeliness (~> 0.3.7)
    silvio_gen (1.1.0.rc.1)
      data_mapper (~> 1.2.0)
      dm-openedge-adapter (~> 1.2.0)
      dm-oracle-adapter (~> 1.2.0)
      jdbc-openedge (~> 11.1.0)
      silvio_core (~> 1.2.0.rc)
    silvio_glims (1.0.0.rc.6)
      data_mapper (~> 1.2.0)
      dm-openedge-adapter (~> 1.2.0)
      dm-oracle-adapter (~> 1.2.0)
      factory_girl (= 4.2.0)
      jdbc-openedge (~> 11.1.0)
      silvio_core (~> 1.2.0.rc)
      silvio_gen (~> 1.1.0.rc)
    sprockets (3.7.1)
      concurrent-ruby (~> 1.0)
      rack (> 1, < 3)
    sprockets-rails (3.2.1)
      actionpack (>= 4.0)
      activesupport (>= 4.0)
      sprockets (>= 3.0.0)
    stringex (1.5.1)
    swagger-docs (0.2.9)
      activesupport (>= 3)
      rails (>= 3)
    thor (0.18.1)
    thread_safe (0.3.6-java)
    timeliness (0.3.8)
    tzinfo (1.2.5)
      thread_safe (~> 0.1)
    tzinfo-data (1.2018.3)
      tzinfo (>= 1.0.0)
    uber (0.0.15)
    uuidtools (2.1.5)
    websocket-driver (0.6.5-java)
      websocket-extensions (>= 0.1.0)
    websocket-extensions (0.1.3)

PLATFORMS
  java

DEPENDENCIES
  byebug
  faker (~> 1.8)
  jsonapi-serializers (~> 1.0)
  puma (~> 3.0)
  rails (~> 5.0.6)
  rspec-rails (~> 3.5)
  silvio_core (~> 1.2.0.rc)
  silvio_glims (~> 1.0.0.rc.6)
  swagger-docs (~> 0.2.9)
  tzinfo-data

BUNDLED WITH
   1.14.3
